PATH
  remote: .
  specs:
    combot (0.0.3)

GEM
  remote: https://rubygems.org/
  specs:
    rake (13.0.1)

PLATFORMS
  x86_64-linux

DEPENDENCIES
  combot!
  rake (~> 13.0)

BUNDLED WITH
   2.3.5
